PATH
  remote: .
  specs:
    unity-dependency-container (1.1.1)

GEM
  remote: https://rubygems.org/
  specs:
    rake (13.0.6)

PLATFORMS
  arm64-darwin-21
  x86_64-darwin-20

DEPENDENCIES
  rake (~> 13.0)
  unity-dependency-container!

BUNDLED WITH
   2.3.3
